GEM
  remote: https://rubygems.org/
  specs:
    bcrypt (3.1.18)
    dotenv (2.8.1)
    httparty (0.20.0)
      mime-types (~> 3.0)
      multi_xml (>= 0.5.2)
    mime-types (3.4.1)
      mime-types-data (~> 3.2015)
    mime-types-data (3.2022.0105)
    multi_xml (0.6.0)
    mustermann (2.0.2)
      ruby2_keywords (~> 0.0.1)
    nio4r (2.5.8)
    pg (1.4.3)
    puma (5.6.5)
      nio4r (~> 2.0)
    rack (2.2.4)
    rack-protection (2.2.2)
      rack
    ruby2_keywords (0.0.5)
    sinatra (2.2.2)
      mustermann (~> 2.0)
      rack (~> 2.2)
      rack-protection (= 2.2.2)
      tilt (~> 2.0)
    tilt (2.0.11)

PLATFORMS
  ruby

DEPENDENCIES
  bcrypt
  dotenv
  httparty
  pg
  puma
  sinatra

BUNDLED WITH
   2.1.4
